GIT
  remote: https://github.com/juanhuttemann/pike13-ruby.git
  revision: e6d2e475677d05463f0b76474221fc53790d3393
  specs:
    pike13 (0.1.0.beta)
      faraday (~> 2.0)
      faraday-retry (~> 2.0)

GEM
  remote: https://rubygems.org/
  specs:
    addressable (2.8.7)
      public_suffix (>= 2.0.2, < 7.0)
    base64 (0.3.0)
    bigdecimal (3.3.1)
    concurrent-ruby (1.3.5)
    dry-configurable (1.3.0)
      dry-core (~> 1.1)
      zeitwerk (~> 2.6)
    dry-core (1.1.0)
      concurrent-ruby (~> 1.0)
      logger
      zeitwerk (~> 2.6)
    dry-inflector (1.2.0)
    dry-initializer (3.2.0)
    dry-logic (1.6.0)
      bigdecimal
      concurrent-ruby (~> 1.0)
      dry-core (~> 1.1)
      zeitwerk (~> 2.6)
    dry-schema (1.14.1)
      concurrent-ruby (~> 1.0)
      dry-configurable (~> 1.0, >= 1.0.1)
      dry-core (~> 1.1)
      dry-initializer (~> 3.2)
      dry-logic (~> 1.5)
      dry-types (~> 1.8)
      zeitwerk (~> 2.6)
    dry-types (1.8.3)
      bigdecimal (~> 3.0)
      concurrent-ruby (~> 1.0)
      dry-core (~> 1.0)
      dry-inflector (~> 1.0)
      dry-logic (~> 1.4)
      zeitwerk (~> 2.6)
    faraday (2.14.0)
      faraday-net_http (>= 2.0, < 3.5)
      json
      logger
    faraday-net_http (3.4.1)
      net-http (>= 0.5.0)
    faraday-retry (2.3.2)
      faraday (~> 2.0)
    fast-mcp (1.6.0)
      addressable (~> 2.8)
      base64
      dry-schema (~> 1.14)
      json (~> 2.0)
      mime-types (~> 3.4)
      rack (>= 2.0, < 4.0)
    json (2.15.1)
    logger (1.7.0)
    mime-types (3.7.0)
      logger
      mime-types-data (~> 3.2025, >= 3.2025.0507)
    mime-types-data (3.2025.0924)
    net-http (0.6.0)
      uri
    nio4r (2.7.4)
    public_suffix (6.0.2)
    puma (7.1.0)
      nio4r (~> 2.0)
    rack (3.2.3)
    uri (1.0.4)
    zeitwerk (2.7.3)

PLATFORMS
  ruby
  x86_64-linux

DEPENDENCIES
  fast-mcp
  pike13!
  puma (~> 7.1)

BUNDLED WITH
   2.6.9
